PATH
  remote: .
  specs:
    RT2Zen (0.0.1)
      zendesk_api (~> 1.3)

GEM
  remote: https://rubygems.org/
  specs:
    celluloid (0.15.2)
      timers (~> 1.1.0)
    coderay (1.1.0)
    faraday (0.9.0)
      multipart-post (>= 1.2, < 3)
    ffi (1.9.3)
    formatador (0.2.5)
    guard (2.6.1)
      formatador (>= 0.2.4)
      listen (~> 2.7)
      lumberjack (~> 1.0)
      pry (>= 0.9.12)
      thor (>= 0.18.1)
    guard-minitest (2.3.0)
      guard (~> 2.0)
      minitest (>= 3.0)
    hashie (3.2.0)
    inflection (1.0.0)
    listen (2.7.7)
      celluloid (>= 0.15.2)
      rb-fsevent (>= 0.9.3)
      rb-inotify (>= 0.9)
    lumberjack (1.0.6)
    method_source (0.8.2)
    mime-types (1.25.1)
    minitest (5.4.0)
    multi_json (1.10.1)
    multipart-post (2.0.0)
    pry (0.10.0)
      coderay (~> 1.1.0)
      method_source (~> 0.8.1)
      slop (~> 3.4)
    rake (10.3.2)
    rb-fsevent (0.9.4)
    rb-inotify (0.9.5)
      ffi (>= 0.5.0)
    slop (3.5.0)
    terminal-notifier-guard (1.5.3)
    thor (0.19.1)
    timers (1.1.0)
    zendesk_api (1.3.9)
      faraday (~> 0.9)
      hashie (>= 1.2)
      inflection
      mime-types (~> 1.0)
      multi_json
      multipart-post (~> 2.0)

PLATFORMS
  ruby

DEPENDENCIES
  RT2Zen!
  bundler (~> 1.6)
  guard-minitest
  minitest (~> 5.4)
  rake
  terminal-notifier-guard
